PATH
  remote: .
  specs:
    oauth2 (0.4.1)
      faraday (>= 0.6.1)
      multi_json (>= 0.0.5)

GEM
  remote: http://rubygems.org/
  specs:
    ZenTest (4.8.2)
    diff-lcs (1.1.3)
    faraday (0.8.4)
      multipart-post (~> 1.1)
    json_pure (1.7.5)
    multi_json (1.3.6)
    multipart-post (1.1.5)
    rake (0.9.2.2)
    rspec (2.11.0)
      rspec-core (~> 2.11.0)
      rspec-expectations (~> 2.11.0)
      rspec-mocks (~> 2.11.0)
    rspec-core (2.11.1)
    rspec-expectations (2.11.3)
      diff-lcs (~> 1.1.3)
    rspec-mocks (2.11.3)
    simplecov (0.7.1)
      multi_json (~> 1.0)
      simplecov-html (~> 0.7.1)
    simplecov-html (0.7.1)

PLATFORMS
  ruby

DEPENDENCIES
  ZenTest (~> 4.5)
  json_pure (~> 1.5)
  oauth2!
  rake (~> 0.8)
  rspec (~> 2.5)
  simplecov (~> 0.4)
